GEM
  remote: https://rubygems.org/
  specs:
    pg (0.18.4)

PLATFORMS
  ruby

DEPENDENCIES
  pg

BUNDLED WITH
   2.2.3
